GEM
  remote: https://rubygems.org/
  specs:
    github-markup (1.4.0)
    posix-spawn (0.3.11)
    pygments.rb (0.6.3)
      posix-spawn (~> 0.3.6)
      yajl-ruby (~> 1.2.0)
    redcarpet (3.3.4)
    yajl-ruby (1.2.1)

PLATFORMS
  ruby

DEPENDENCIES
  github-markup
  pygments.rb
  redcarpet

BUNDLED WITH
   1.12.5
